PATH
  remote: .
  specs:
    jp_business_day (0.1.0)
      holiday_japan (~> 1.4.4)

GEM
  remote: https://rubygems.org/
  specs:
    diff-lcs (1.4.4)
    holiday_japan (1.4.4)
    rake (13.0.6)
    rspec (3.10.0)
      rspec-core (~> 3.10.0)
      rspec-expectations (~> 3.10.0)
      rspec-mocks (~> 3.10.0)
    rspec-core (3.10.1)
      rspec-support (~> 3.10.0)
    rspec-expectations (3.10.1)
      diff-lcs (>= 1.2.0, < 2.0)
      rspec-support (~> 3.10.0)
    rspec-mocks (3.10.2)
      diff-lcs (>= 1.2.0, < 2.0)
      rspec-support (~> 3.10.0)
    rspec-support (3.10.2)

PLATFORMS
  x86_64-darwin-20

DEPENDENCIES
  jp_business_day!
  rake (~> 13.0)
  rspec (~> 3.0)

BUNDLED WITH
   2.2.3
